GEM
  remote: http://rubygems.org/
  specs:
    rake (0.9.2.2)
    term-ansicolor (1.0.7)

PLATFORMS
  ruby

DEPENDENCIES
  rake
  term-ansicolor
